GEM
  remote: https://rubygems.org/
  specs:
    id3tag (0.14.2)

PLATFORMS
  ruby

DEPENDENCIES
  id3tag (~> 0.14.0)

RUBY VERSION
   ruby 2.7.6p219

BUNDLED WITH
   2.1.4
